REDIRECTS: ON
STORAGE: NONE
NUGET
  remote: https://api.nuget.org/v3/index.json
    Elmish (4.1)
    Fable.AST (4.4) - restriction: >= netstandard2.0
    Fable.Browser.Blob (1.3) - restriction: >= netstandard2.0
      Fable.Core (>= 3.0) - restriction: >= netstandard2.0
      FSharp.Core (>= 4.7.2) - restriction: >= netstandard2.0
    Fable.Browser.Dom (2.16) - restriction: >= netstandard2.0
      Fable.Browser.Blob (>= 1.3) - restriction: >= netstandard2.0
      Fable.Browser.Event (>= 1.5) - restriction: >= netstandard2.0
      Fable.Browser.WebStorage (>= 1.2) - restriction: >= netstandard2.0
      Fable.Core (>= 3.2.8) - restriction: >= netstandard2.0
      FSharp.Core (>= 4.7.2) - restriction: >= netstandard2.0
    Fable.Browser.Event (1.5) - restriction: >= netstandard2.0
      Fable.Browser.Gamepad (>= 1.1) - restriction: >= netstandard2.0
      Fable.Core (>= 3.0) - restriction: >= netstandard2.0
      FSharp.Core (>= 4.7.2) - restriction: >= netstandard2.0
    Fable.Browser.Gamepad (1.2) - restriction: >= netstandard2.0
      Fable.Core (>= 3.0) - restriction: >= netstandard2.0
      FSharp.Core (>= 4.7.2) - restriction: >= netstandard2.0
    Fable.Browser.WebStorage (1.2) - restriction: >= netstandard2.0
      Fable.Browser.Event (>= 1.5) - restriction: >= netstandard2.0
      Fable.Core (>= 3.0) - restriction: >= netstandard2.0
      FSharp.Core (>= 4.7.2) - restriction: >= netstandard2.0
    Fable.Core (4.3)
    Fable.Elmish (4.1)
      Fable.Core (>= 3.7.1) - restriction: >= netstandard2.0
      FSharp.Core (>= 4.7.2) - restriction: >= netstandard2.0
    Fable.Parsimmon (4.1) - restriction: >= netstandard2.0
      Fable.Core (>= 3.0) - restriction: >= netstandard2.0
      FSharp.Core (>= 4.6.2) - restriction: >= netstandard2.0
    Fable.Promise (3.2)
      Fable.Core (>= 3.7.1) - restriction: >= netstandard2.0
      FSharp.Core (>= 4.7.2) - restriction: >= netstandard2.0
    Fable.React.Types (18.3) - restriction: >= netstandard2.0
      Fable.Browser.Dom (>= 2.4.4) - restriction: >= netstandard2.0
      Fable.Core (>= 3.2.7) - restriction: >= netstandard2.0
      FSharp.Core (>= 4.7.2) - restriction: >= netstandard2.0
    Fable.ReactDom.Types (18.2) - restriction: >= netstandard2.0
      Fable.React.Types (>= 18.3) - restriction: >= netstandard2.0
      FSharp.Core (>= 4.7.2) - restriction: >= netstandard2.0
    Fable.Remoting.Json (2.23)
      FSharp.Core (>= 6.0) - restriction: || (>= net462) (>= netstandard2.0)
      Newtonsoft.Json (>= 12.0.2) - restriction: || (>= net462) (>= netstandard2.0)
    Fable.Remoting.MsgPack (1.24)
      FSharp.Core (>= 4.7.2) - restriction: || (>= net462) (>= netstandard2.0)
      System.ValueTuple (>= 4.4) - restriction: >= net462
    Fable.SimpleJson (3.24)
      Fable.Core (>= 3.1.5) - restriction: >= netstandard2.0
      Fable.Parsimmon (>= 4.0) - restriction: >= netstandard2.0
      FSharp.Core (>= 4.7) - restriction: >= netstandard2.0
    Feliz (2.7)
      Fable.ReactDom.Types (>= 18.2) - restriction: >= netstandard2.0
      Feliz.CompilerPlugins (>= 2.2) - restriction: >= netstandard2.0
      FSharp.Core (>= 4.7.2) - restriction: >= netstandard2.0
    Feliz.CompilerPlugins (2.2) - restriction: >= netstandard2.0
      Fable.AST (>= 4.2.1) - restriction: >= netstandard2.0
      FSharp.Core (>= 4.7.2) - restriction: >= netstandard2.0
    FSharp.Control.Websockets (0.3) - restriction: >= net6.0
      FSharp.Core (>= 6.0) - restriction: || (>= net461) (>= netstandard2.0)
      Microsoft.IO.RecyclableMemoryStream (>= 3.0) - restriction: || (>= net461) (>= netstandard2.0)
    FSharp.Core (8.0.200)
    Giraffe (6.3) - restriction: >= net6.0
      FSharp.Core (>= 6.0) - restriction: >= net6.0
      Giraffe.ViewEngine (>= 1.4) - restriction: >= net6.0
      Microsoft.IO.RecyclableMemoryStream (>= 2.2.1) - restriction: >= net6.0
      Newtonsoft.Json (>= 13.0.3) - restriction: >= net6.0
      System.Text.Json (>= 7.0.4) - restriction: >= net6.0
    Giraffe.ViewEngine (1.4) - restriction: >= net6.0
      FSharp.Core (>= 5.0) - restriction: >= netstandard2.0
    Microsoft.AspNetCore.Authentication.JwtBearer (8.0.2) - restriction: >= net6.0
      Microsoft.IdentityModel.Protocols.OpenIdConnect (>= 7.1.2) - restriction: >= net8.0
    Microsoft.AspNetCore.Connections.Abstractions (8.0.2) - restriction: || (>= net462) (>= netstandard2.0)
      Microsoft.Bcl.AsyncInterfaces (>= 8.0) - restriction: || (>= net462) (&& (< net8.0) (>= netstandard2.1)) (&& (>= netstandard2.0) (< netstandard2.1))
      Microsoft.Extensions.Features (>= 8.0.2) - restriction: || (>= net462) (>= netstandard2.0)
      System.IO.Pipelines (>= 8.0) - restriction: || (>= net462) (>= netstandard2.0)
    Microsoft.AspNetCore.Http.Connections.Client (8.0.2) - restriction: || (>= net462) (>= netstandard2.0)
      Microsoft.AspNetCore.Http.Connections.Common (>= 8.0.2) - restriction: || (>= net462) (>= netstandard2.0)
      Microsoft.Extensions.Logging.Abstractions (>= 8.0) - restriction: || (>= net462) (>= netstandard2.0)
      Microsoft.Extensions.Options (>= 8.0.2) - restriction: || (>= net462) (>= netstandard2.0)
      System.Net.Http (>= 4.3.4) - restriction: >= net462
      System.Runtime.InteropServices.RuntimeInformation (>= 4.3) - restriction: >= net462
    Microsoft.AspNetCore.Http.Connections.Common (8.0.2) - restriction: || (>= net462) (>= netstandard2.0)
      Microsoft.AspNetCore.Connections.Abstractions (>= 8.0.2) - restriction: || (>= net462) (>= netstandard2.0)
      System.Text.Json (>= 8.0.2) - restriction: || (>= net462) (&& (< net8.0) (>= netstandard2.0))
    Microsoft.AspNetCore.SignalR.Client (8.0.2)
      Microsoft.AspNetCore.Http.Connections.Client (>= 8.0.2) - restriction: || (>= net462) (>= netstandard2.0)
      Microsoft.AspNetCore.SignalR.Client.Core (>= 8.0.2) - restriction: || (>= net462) (>= netstandard2.0)
    Microsoft.AspNetCore.SignalR.Client.Core (8.0.2) - restriction: || (>= net462) (>= netstandard2.0)
      Microsoft.AspNetCore.SignalR.Common (>= 8.0.2) - restriction: || (>= net462) (>= netstandard2.0)
      Microsoft.AspNetCore.SignalR.Protocols.Json (>= 8.0.2) - restriction: || (>= net462) (>= netstandard2.0)
      Microsoft.Bcl.TimeProvider (>= 8.0.1) - restriction: || (>= net462) (&& (< net8.0) (>= netstandard2.1)) (&& (>= netstandard2.0) (< netstandard2.1))
      Microsoft.Extensions.DependencyInjection (>= 8.0) - restriction: || (>= net462) (>= netstandard2.0)
      Microsoft.Extensions.Logging (>= 8.0) - restriction: || (>= net462) (>= netstandard2.0)
      System.Threading.Channels (>= 8.0) - restriction: || (>= net462) (>= netstandard2.0)
    Microsoft.AspNetCore.SignalR.Common (8.0.2) - restriction: || (>= net462) (>= netstandard2.0)
      Microsoft.AspNetCore.Connections.Abstractions (>= 8.0.2) - restriction: || (>= net462) (>= netstandard2.0)
      Microsoft.Extensions.Options (>= 8.0.2) - restriction: || (>= net462) (>= netstandard2.0)
      System.Net.Sockets (>= 4.3) - restriction: >= net462
      System.Text.Json (>= 8.0.2) - restriction: || (>= net462) (&& (< net8.0) (>= netstandard2.0))
    Microsoft.AspNetCore.SignalR.Protocols.Json (8.0.2) - restriction: || (>= net462) (>= netstandard2.0)
      Microsoft.AspNetCore.SignalR.Common (>= 8.0.2) - restriction: || (>= net462) (>= netstandard2.0)
    Microsoft.AspNetCore.SignalR.Protocols.NewtonsoftJson (8.0.2)
      Microsoft.AspNetCore.SignalR.Common (>= 8.0.2) - restriction: || (>= net462) (>= netstandard2.0)
      Newtonsoft.Json (>= 13.0.3) - restriction: || (>= net462) (>= netstandard2.0)
    Microsoft.Bcl.AsyncInterfaces (8.0) - restriction: || (&& (< net461) (< net6.0) (>= netstandard2.0)) (>= net462) (&& (< net8.0) (>= netstandard2.1)) (&& (>= netstandard2.0) (< netstandard2.1))
      System.Threading.Tasks.Extensions (>= 4.5.4) - restriction: || (>= net462) (&& (>= netstandard2.0) (< netstandard2.1))
    Microsoft.Bcl.TimeProvider (8.0.1) - restriction: || (>= net462) (&& (< net8.0) (>= netstandard2.1)) (&& (>= netstandard2.0) (< netstandard2.1))
      Microsoft.Bcl.AsyncInterfaces (>= 8.0) - restriction: || (>= net462) (&& (< net8.0) (>= netstandard2.0))
      System.ValueTuple (>= 4.5) - restriction: >= net462
    Microsoft.CSharp (4.7) - restriction: || (&& (< net461) (>= net462) (>= netstandard2.0)) (&& (< net461) (< net6.0) (>= netstandard2.0))
    Microsoft.Extensions.DependencyInjection (8.0) - restriction: || (>= net462) (>= netstandard2.0)
      Microsoft.Bcl.AsyncInterfaces (>= 8.0) - restriction: || (>= net462) (&& (>= netstandard2.0) (< netstandard2.1))
      Microsoft.Extensions.DependencyInjection.Abstractions (>= 8.0) - restriction: || (>= net462) (>= netstandard2.0)
      System.Threading.Tasks.Extensions (>= 4.5.4) - restriction: || (>= net462) (&& (>= netstandard2.0) (< netstandard2.1))
    Microsoft.Extensions.DependencyInjection.Abstractions (8.0) - restriction: || (>= net462) (>= netstandard2.0)
      Microsoft.Bcl.AsyncInterfaces (>= 8.0) - restriction: || (>= net462) (&& (>= netstandard2.0) (< netstandard2.1))
      System.Threading.Tasks.Extensions (>= 4.5.4) - restriction: || (>= net462) (&& (>= netstandard2.0) (< netstandard2.1))
    Microsoft.Extensions.Features (8.0.2) - restriction: || (>= net462) (>= netstandard2.0)
    Microsoft.Extensions.Logging (8.0) - restriction: || (>= net462) (>= netstandard2.0)
      Microsoft.Bcl.AsyncInterfaces (>= 8.0) - restriction: || (>= net462) (&& (>= netstandard2.0) (< netstandard2.1))
      Microsoft.Extensions.DependencyInjection (>= 8.0) - restriction: || (>= net462) (>= netstandard2.0)
      Microsoft.Extensions.Logging.Abstractions (>= 8.0) - restriction: || (>= net462) (>= netstandard2.0)
      Microsoft.Extensions.Options (>= 8.0) - restriction: || (>= net462) (>= netstandard2.0)
      System.Diagnostics.DiagnosticSource (>= 8.0) - restriction: || (>= net462) (&& (< net6.0) (>= netstandard2.1)) (&& (>= netstandard2.0) (< netstandard2.1))
      System.ValueTuple (>= 4.5) - restriction: >= net462
    Microsoft.Extensions.Logging.Abstractions (8.0) - restriction: || (>= net462) (>= netstandard2.0)
      Microsoft.Extensions.DependencyInjection.Abstractions (>= 8.0) - restriction: || (>= net462) (>= netstandard2.0)
      System.Buffers (>= 4.5.1) - restriction: || (>= net462) (&& (< net6.0) (>= netstandard2.0))
      System.Memory (>= 4.5.5) - restriction: || (>= net462) (&& (< net6.0) (>= netstandard2.0))
    Microsoft.Extensions.Options (8.0.2) - restriction: || (>= net462) (>= netstandard2.0)
      Microsoft.Extensions.DependencyInjection.Abstractions (>= 8.0) - restriction: || (>= net462) (>= netstandard2.0)
      Microsoft.Extensions.Primitives (>= 8.0) - restriction: || (>= net462) (>= netstandard2.0)
      System.ComponentModel.Annotations (>= 5.0) - restriction: || (&& (< net462) (>= netstandard2.0) (< netstandard2.1)) (&& (< net6.0) (>= netstandard2.1))
      System.ValueTuple (>= 4.5) - restriction: >= net462
    Microsoft.Extensions.Primitives (8.0) - restriction: || (>= net462) (>= netstandard2.0)
      System.Memory (>= 4.5.5) - restriction: || (>= net462) (&& (< net6.0) (>= netstandard2.0))
      System.Runtime.CompilerServices.Unsafe (>= 6.0) - restriction: || (>= net462) (&& (>= net6.0) (< net7.0)) (&& (< net6.0) (>= netstandard2.0))
    Microsoft.IdentityModel.Abstractions (7.4) - restriction: || (&& (>= net461) (< netstandard2.0)) (&& (< net461) (>= netstandard2.0)) (>= net462) (>= net6.0)
    Microsoft.IdentityModel.JsonWebTokens (7.4)
      Microsoft.IdentityModel.Tokens (>= 7.4) - restriction: || (&& (>= net461) (< netstandard2.0)) (&& (< net461) (>= netstandard2.0)) (>= net462) (>= net6.0)
      System.Text.Encodings.Web (>= 4.7.2) - restriction: || (&& (>= net461) (< netstandard2.0)) (&& (< net461) (< net6.0) (>= netstandard2.0)) (>= net462)
      System.Text.Json (>= 4.7.2) - restriction: || (&& (>= net461) (< netstandard2.0)) (&& (< net461) (< net6.0) (>= netstandard2.0)) (>= net462)
    Microsoft.IdentityModel.Logging (7.4) - restriction: || (&& (>= net461) (< netstandard2.0)) (&& (< net461) (>= netstandard2.0)) (>= net462) (>= net6.0)
      Microsoft.IdentityModel.Abstractions (>= 7.4) - restriction: || (&& (>= net461) (< netstandard2.0)) (&& (< net461) (>= netstandard2.0)) (>= net462) (>= net6.0)
    Microsoft.IdentityModel.Protocols (7.4) - restriction: >= net8.0
      Microsoft.IdentityModel.Logging (>= 7.4) - restriction: || (&& (>= net461) (< netstandard2.0)) (&& (< net461) (>= netstandard2.0)) (>= net462) (>= net6.0)
      Microsoft.IdentityModel.Tokens (>= 7.4) - restriction: || (&& (>= net461) (< netstandard2.0)) (&& (< net461) (>= netstandard2.0)) (>= net462) (>= net6.0)
    Microsoft.IdentityModel.Protocols.OpenIdConnect (7.4) - restriction: >= net8.0
      Microsoft.IdentityModel.Protocols (>= 7.4) - restriction: || (&& (>= net461) (< netstandard2.0)) (&& (< net461) (>= netstandard2.0)) (>= net462) (>= net6.0)
      System.IdentityModel.Tokens.Jwt (>= 7.4) - restriction: || (&& (>= net461) (< netstandard2.0)) (&& (< net461) (>= netstandard2.0)) (>= net462) (>= net6.0)
    Microsoft.IdentityModel.Tokens (7.4) - restriction: || (&& (>= net461) (< netstandard2.0)) (&& (< net461) (>= netstandard2.0)) (>= net462) (>= net6.0)
      Microsoft.CSharp (>= 4.5) - restriction: && (< net461) (< net6.0) (>= netstandard2.0)
      Microsoft.IdentityModel.Logging (>= 7.4) - restriction: || (&& (>= net461) (< netstandard2.0)) (&& (< net461) (>= netstandard2.0)) (>= net462) (>= net6.0)
      System.Memory (>= 4.5.5) - restriction: || (&& (>= net461) (< netstandard2.0)) (>= net462)
      System.Security.Cryptography.Cng (>= 4.5) - restriction: && (< net461) (< net6.0) (>= netstandard2.0)
      System.Text.Encodings.Web (>= 4.7.2) - restriction: || (&& (>= net461) (< netstandard2.0)) (&& (< net461) (< net6.0) (>= netstandard2.0)) (>= net462)
      System.Text.Json (>= 4.7.2) - restriction: || (&& (>= net461) (< netstandard2.0)) (&& (< net461) (< net6.0) (>= netstandard2.0)) (>= net462)
    Microsoft.IO.RecyclableMemoryStream (3.0)
      System.Memory (>= 4.5.5) - restriction: && (>= netstandard2.0) (< netstandard2.1)
    Microsoft.NETCore.Platforms (7.0.4) - restriction: || (&& (< monoandroid) (>= netcoreapp2.0) (< netcoreapp2.1) (< netstandard2.1) (< xamarintvos) (< xamarinwatchos)) (&& (>= net462) (>= netcoreapp2.0))
    Newtonsoft.Json (13.0.3) - restriction: || (>= net462) (>= netstandard2.0)
    Saturn (0.16.1)
      FSharp.Control.Websockets (>= 0.2.2) - restriction: >= net6.0
      Giraffe (>= 6.0) - restriction: >= net6.0
      Microsoft.AspNetCore.Authentication.JwtBearer (>= 6.0.3) - restriction: >= net6.0
    System.Buffers (4.5.1) - restriction: || (&& (>= monoandroid) (< netstandard1.1) (>= netstandard2.0)) (&& (< monoandroid) (< netstandard1.1) (>= netstandard2.0) (< win8)) (&& (>= monotouch) (>= netstandard2.0)) (&& (< net45) (< netcoreapp2.0) (>= netstandard2.0) (< netstandard2.1)) (&& (>= net461) (>= netstandard2.0)) (&& (< net461) (< net6.0) (>= netstandard2.0)) (>= net462) (&& (< net6.0) (>= netcoreapp3.0) (< xamarinios) (< xamarinmac) (< xamarintvos) (< xamarinwatchos)) (&& (< netstandard1.1) (>= netstandard2.0) (>= win8)) (&& (>= netstandard2.0) (< netstandard2.1) (>= xamarintvos)) (&& (>= netstandard2.0) (< netstandard2.1) (>= xamarinwatchos)) (&& (< netstandard2.1) (>= xamarinios)) (&& (< netstandard2.1) (>= xamarinmac))
    System.ComponentModel.Annotations (5.0) - restriction: || (&& (>= net462) (>= netstandard2.1)) (&& (< net462) (>= netstandard2.0) (< netstandard2.1)) (&& (< net6.0) (>= netstandard2.1))
    System.Diagnostics.DiagnosticSource (8.0) - restriction: || (>= net462) (&& (< net6.0) (>= netstandard2.1)) (&& (>= netstandard2.0) (< netstandard2.1))
      System.Memory (>= 4.5.5) - restriction: || (>= net462) (&& (< net6.0) (>= netstandard2.0))
      System.Runtime.CompilerServices.Unsafe (>= 6.0) - restriction: || (>= net462) (&& (>= net6.0) (< net7.0)) (&& (< net6.0) (>= netstandard2.0))
    System.Formats.Asn1 (8.0) - restriction: || (&& (>= net462) (>= netcoreapp3.0)) (&& (< net6.0) (>= netcoreapp3.0) (< xamarinios) (< xamarinmac) (< xamarintvos) (< xamarinwatchos))
      System.Buffers (>= 4.5.1) - restriction: || (>= net462) (&& (< net6.0) (>= netstandard2.0))
      System.Memory (>= 4.5.5) - restriction: || (>= net462) (&& (< net6.0) (>= netstandard2.0))
    System.IdentityModel.Tokens.Jwt (7.4) - restriction: >= net8.0
      Microsoft.IdentityModel.JsonWebTokens (>= 7.4) - restriction: || (&& (>= net461) (< netstandard2.0)) (&& (< net461) (>= netstandard2.0)) (>= net462) (>= net6.0)
      Microsoft.IdentityModel.Tokens (>= 7.4) - restriction: || (&& (>= net461) (< netstandard2.0)) (&& (< net461) (>= netstandard2.0)) (>= net462) (>= net6.0)
    System.IO (4.3) - restriction: || (&& (< net46) (>= net462) (< netstandard1.4)) (&& (< net46) (>= net462) (>= netstandard1.6)) (&& (< net46) (>= net462) (< netstandard1.6)) (>= net463)
    System.IO.Pipelines (8.0) - restriction: || (>= net462) (>= netstandard2.0)
      System.Buffers (>= 4.5.1) - restriction: || (>= net462) (&& (< net6.0) (>= netstandard2.0))
      System.Memory (>= 4.5.5) - restriction: || (>= net462) (&& (< net6.0) (>= netstandard2.0))
      System.Threading.Tasks.Extensions (>= 4.5.4) - restriction: || (>= net462) (&& (< net6.0) (>= netstandard2.0))
    System.Memory (4.5.5) - restriction: || (&& (>= net461) (< netstandard2.0)) (&& (< net461) (< net6.0) (>= netstandard2.0)) (>= net462) (&& (< net6.0) (>= netcoreapp3.0) (< xamarinios) (< xamarinmac) (< xamarintvos) (< xamarinwatchos)) (&& (>= netstandard2.0) (< netstandard2.1))
      System.Buffers (>= 4.5.1) - restriction: || (&& (>= monoandroid) (< netstandard1.1)) (&& (< monoandroid) (< net45) (>= netstandard1.1) (< netstandard2.0) (< win8) (< wpa81)) (&& (< monoandroid) (< netstandard1.1) (>= portable-net45+win8+wpa81) (< win8)) (>= monotouch) (&& (>= net45) (< netstandard2.0)) (&& (< net45) (< netcoreapp2.0) (>= netstandard2.0)) (>= net461) (&& (< netstandard1.1) (>= win8)) (&& (< netstandard2.0) (< uap10.1) (>= wpa81)) (>= xamarinios) (>= xamarinmac) (>= xamarintvos) (>= xamarinwatchos)
      System.Numerics.Vectors (>= 4.4) - restriction: && (< net45) (< netcoreapp2.0) (>= netstandard2.0) (< xamarinios) (< xamarinmac) (< xamarintvos) (< xamarinwatchos)
      System.Numerics.Vectors (>= 4.5) - restriction: >= net461
      System.Runtime.CompilerServices.Unsafe (>= 4.5.3) - restriction: || (&& (>= monoandroid) (< netstandard1.1)) (&& (< monoandroid) (< net45) (>= netstandard1.1) (< netstandard2.0) (< win8) (< wpa81)) (&& (< monoandroid) (>= netcoreapp2.0) (< netcoreapp2.1)) (&& (< monoandroid) (< netstandard1.1) (>= portable-net45+win8+wpa81) (< win8)) (>= monotouch) (&& (>= net45) (< netstandard2.0)) (&& (< net45) (< netcoreapp2.0) (>= netstandard2.0)) (>= net461) (&& (< netstandard1.1) (>= win8)) (&& (< netstandard2.0) (>= wpa81)) (>= uap10.1) (>= xamarinios) (>= xamarinmac) (>= xamarintvos) (>= xamarinwatchos)
    System.Net.Http (4.3.4) - restriction: >= net462
      System.Security.Cryptography.X509Certificates (>= 4.3) - restriction: || (&& (< monoandroid) (< net45) (>= netstandard1.3) (< netstandard1.6) (< win8) (< wpa81)) (&& (< monotouch) (< net45) (>= netstandard1.6) (< xamarinios) (< xamarinmac) (< xamarintvos) (< xamarinwatchos)) (>= net46)
    System.Net.Sockets (4.3) - restriction: >= net462
    System.Numerics.Vectors (4.5) - restriction: || (&& (< net45) (< netcoreapp2.0) (>= netstandard2.0) (< netstandard2.1) (< xamarintvos) (< xamarinwatchos)) (&& (>= net461) (>= netstandard2.0))
    System.Runtime (4.3.1) - restriction: || (&& (< net46) (>= net462) (< netstandard1.4)) (&& (< net46) (>= net462) (>= netstandard1.6)) (&& (< net46) (>= net462) (< netstandard1.6)) (>= net463)
    System.Runtime.CompilerServices.Unsafe (6.0) - restriction: || (&& (>= monoandroid) (< netstandard1.1) (>= netstandard2.0)) (&& (< monoandroid) (>= netcoreapp2.0) (< netcoreapp2.1) (< netstandard2.1)) (&& (< monoandroid) (< netstandard1.0) (>= netstandard2.0) (< win8)) (&& (< monoandroid) (< netstandard1.1) (>= netstandard2.0) (< win8)) (&& (>= monotouch) (>= netstandard2.0)) (&& (< net45) (< netcoreapp2.0) (>= netstandard2.0) (< netstandard2.1)) (&& (< net45) (< netcoreapp2.1) (>= netstandard2.0) (< xamarinios) (< xamarinmac) (< xamarintvos) (< xamarinwatchos)) (&& (>= net461) (>= net6.0) (< netstandard2.0)) (&& (>= net461) (>= netstandard2.0)) (>= net462) (&& (>= net6.0) (< net7.0)) (&& (< net6.0) (>= netstandard2.0)) (&& (< netstandard1.0) (>= netstandard2.0) (>= win8)) (&& (< netstandard1.1) (>= netstandard2.0) (>= win8)) (&& (>= netstandard2.0) (< netstandard2.1) (>= xamarintvos)) (&& (>= netstandard2.0) (< netstandard2.1) (>= xamarinwatchos)) (&& (>= netstandard2.0) (>= uap10.1)) (&& (>= netstandard2.0) (>= wp8)) (&& (< netstandard2.1) (>= xamarinios)) (&& (< netstandard2.1) (>= xamarinmac))
    System.Runtime.InteropServices.RuntimeInformation (4.3) - restriction: >= net462
    System.Security.Cryptography.Algorithms (4.3.1) - restriction: >= net462
      System.IO (>= 4.3) - restriction: || (&& (< monoandroid) (< net46) (>= netstandard1.3) (< netstandard1.4)) (&& (< monoandroid) (< net46) (>= netstandard1.4) (< netstandard1.6)) (&& (< monotouch) (< net46) (>= netstandard1.6) (< xamarinios) (< xamarinmac) (< xamarintvos) (< xamarinwatchos)) (>= net463)
      System.Runtime (>= 4.3) - restriction: || (&& (< monoandroid) (< net46) (>= netstandard1.3) (< netstandard1.4)) (&& (< monoandroid) (< net46) (>= netstandard1.4) (< netstandard1.6)) (&& (< monotouch) (< net46) (>= netstandard1.6) (< xamarinios) (< xamarinmac) (< xamarintvos) (< xamarinwatchos)) (>= net463)
      System.Security.Cryptography.Encoding (>= 4.3) - restriction: || (&& (< monotouch) (< net46) (>= netstandard1.6) (< xamarinios) (< xamarinmac) (< xamarintvos) (< xamarinwatchos)) (>= net463)
      System.Security.Cryptography.Primitives (>= 4.3) - restriction: || (&& (< monoandroid) (< net46) (>= netstandard1.3) (< netstandard1.4)) (&& (< monoandroid) (< net46) (>= netstandard1.4) (< netstandard1.6)) (&& (< monotouch) (< net46) (>= netstandard1.6) (< xamarinios) (< xamarinmac) (< xamarintvos) (< xamarinwatchos)) (&& (>= net46) (< netstandard1.4)) (&& (>= net461) (< netstandard1.6)) (>= net463)
    System.Security.Cryptography.Cng (5.0) - restriction: || (&& (< net461) (>= net462) (>= netstandard2.0)) (&& (< net461) (< net6.0) (>= netstandard2.0))
      Microsoft.NETCore.Platforms (>= 5.0) - restriction: && (< monoandroid) (>= netcoreapp2.0) (< netcoreapp2.1) (< netstandard2.1) (< xamarintvos) (< xamarinwatchos)
      System.Formats.Asn1 (>= 5.0) - restriction: && (>= netcoreapp3.0) (< xamarinios) (< xamarinmac) (< xamarintvos) (< xamarinwatchos)
    System.Security.Cryptography.Encoding (4.3) - restriction: >= net462
    System.Security.Cryptography.Primitives (4.3) - restriction: || (&& (< net46) (>= net462) (>= netstandard1.6)) (&& (>= net462) (< netstandard1.4)) (&& (>= net462) (< netstandard1.6)) (>= net463)
    System.Security.Cryptography.X509Certificates (4.3.2) - restriction: >= net462
      System.Security.Cryptography.Algorithms (>= 4.3) - restriction: || (&& (< monoandroid) (< net46) (>= netstandard1.3) (< netstandard1.4)) (&& (< monoandroid) (< net46) (>= netstandard1.4) (< netstandard1.6)) (&& (< monotouch) (< net46) (>= netstandard1.6) (< xamarinios) (< xamarinmac) (< xamarintvos) (< xamarinwatchos)) (&& (>= net46) (< netstandard1.4)) (>= net461)
      System.Security.Cryptography.Encoding (>= 4.3) - restriction: || (&& (< monoandroid) (< net46) (>= netstandard1.3) (< netstandard1.4)) (&& (< monoandroid) (< net46) (>= netstandard1.4) (< netstandard1.6)) (&& (< monotouch) (< net46) (>= netstandard1.6) (< xamarinios) (< xamarinmac) (< xamarintvos) (< xamarinwatchos)) (&& (>= net46) (< netstandard1.4)) (>= net461)
    System.Text.Encodings.Web (8.0) - restriction: || (&& (>= net461) (< netstandard2.0)) (&& (< net461) (< net6.0) (>= netstandard2.0)) (>= net462)
      System.Buffers (>= 4.5.1) - restriction: || (>= net462) (&& (< net6.0) (>= netstandard2.0))
      System.Memory (>= 4.5.5) - restriction: || (>= net462) (&& (< net6.0) (>= netstandard2.0))
      System.Runtime.CompilerServices.Unsafe (>= 6.0) - restriction: || (>= net462) (&& (>= net6.0) (< net7.0)) (&& (< net6.0) (>= netstandard2.0))
    System.Text.Json (8.0.2) - restriction: || (&& (>= net461) (< netstandard2.0)) (&& (< net461) (>= netstandard2.0)) (>= net462) (>= net6.0) (&& (< net8.0) (>= netstandard2.0))
      Microsoft.Bcl.AsyncInterfaces (>= 8.0) - restriction: || (>= net462) (&& (< net6.0) (>= netstandard2.0))
      System.Buffers (>= 4.5.1) - restriction: || (>= net462) (&& (< net6.0) (>= netstandard2.0))
      System.Memory (>= 4.5.5) - restriction: || (>= net462) (&& (< net6.0) (>= netstandard2.0))
      System.Runtime.CompilerServices.Unsafe (>= 6.0) - restriction: || (>= net462) (&& (>= net6.0) (< net7.0)) (&& (< net6.0) (>= netstandard2.0))
      System.Text.Encodings.Web (>= 8.0) - restriction: || (>= net462) (>= netstandard2.0)
      System.Threading.Tasks.Extensions (>= 4.5.4) - restriction: || (>= net462) (&& (< net6.0) (>= netstandard2.0))
      System.ValueTuple (>= 4.5) - restriction: >= net462
    System.Threading.Channels (8.0) - restriction: || (>= net462) (>= netstandard2.0)
      System.Threading.Tasks.Extensions (>= 4.5.4) - restriction: || (>= net462) (&& (>= netstandard2.0) (< netstandard2.1))
    System.Threading.Tasks.Extensions (4.5.4) - restriction: || (&& (< net461) (< net6.0) (>= netstandard2.0)) (>= net462) (&& (>= netstandard2.0) (< netstandard2.1))
      System.Runtime.CompilerServices.Unsafe (>= 4.5.3) - restriction: || (&& (< monoandroid) (< monotouch) (< net45) (>= netstandard1.0) (< netstandard2.0) (< win8) (< wpa81) (< xamarintvos) (< xamarinwatchos)) (&& (< monoandroid) (< netstandard1.0) (>= portable-net45+win8+wp8+wpa81) (< win8)) (&& (>= net45) (< netstandard2.0)) (&& (< net45) (< netcoreapp2.1) (>= netstandard2.0) (< xamarinios) (< xamarinmac) (< xamarintvos) (< xamarinwatchos)) (>= net461) (&& (< netstandard1.0) (>= win8)) (&& (< netstandard2.0) (>= wpa81)) (>= wp8)
    System.ValueTuple (4.5) - restriction: >= net462
